GIT
  remote: git@github.com:metabahn/pakyow.git
  revision: 627c0a6e524293cb21def103e0b470c744ca31d4
  specs:
    pakyow (0.8rc1)
      pakyow-core (= 0.8rc1)
      pakyow-mailer (= 0.8rc1)
      pakyow-presenter (= 0.8rc1)
      pakyow-rake (= 0.8rc1)
    pakyow-core (0.8rc1)
      rack (~> 1.3)
    pakyow-mailer (0.8rc1)
      mail (~> 2.3)
      pakyow-core (= 0.8rc1)
      pakyow-presenter (= 0.8rc1)
    pakyow-presenter (0.8rc1)
      nokogiri (~> 1.5)
      pakyow-core (= 0.8rc1)
    pakyow-rake (0.8rc1)
      pakyow-core (= 0.8rc1)

GEM
  remote: https://rubygems.org/
  specs:
    addressable (2.2.8)
    bcrypt-ruby (3.0.1)
    data_mapper (1.2.0)
      dm-aggregates (~> 1.2.0)
      dm-constraints (~> 1.2.0)
      dm-core (~> 1.2.0)
      dm-migrations (~> 1.2.0)
      dm-serializer (~> 1.2.0)
      dm-timestamps (~> 1.2.0)
      dm-transactions (~> 1.2.0)
      dm-types (~> 1.2.0)
      dm-validations (~> 1.2.0)
    data_objects (0.10.12)
      addressable (~> 2.1)
    dm-aggregates (1.2.0)
      dm-core (~> 1.2.0)
    dm-constraints (1.2.0)
      dm-core (~> 1.2.0)
    dm-core (1.2.0)
      addressable (~> 2.2.6)
    dm-do-adapter (1.2.0)
      data_objects (~> 0.10.6)
      dm-core (~> 1.2.0)
    dm-migrations (1.2.0)
      dm-core (~> 1.2.0)
    dm-serializer (1.2.2)
      dm-core (~> 1.2.0)
      fastercsv (~> 1.5)
      json (~> 1.6)
      json_pure (~> 1.6)
      multi_json (~> 1.0)
    dm-sqlite-adapter (1.2.0)
      dm-do-adapter (~> 1.2.0)
      do_sqlite3 (~> 0.10.6)
    dm-tags (1.2.0)
      dm-core (~> 1.2.0)
    dm-timestamps (1.2.0)
      dm-core (~> 1.2.0)
    dm-transactions (1.2.0)
      dm-core (~> 1.2.0)
    dm-types (1.2.2)
      bcrypt-ruby (~> 3.0)
      dm-core (~> 1.2.0)
      fastercsv (~> 1.5)
      json (~> 1.6)
      multi_json (~> 1.0)
      stringex (~> 1.4)
      uuidtools (~> 2.1)
    dm-validations (1.2.0)
      dm-core (~> 1.2.0)
    do_sqlite3 (0.10.12)
      data_objects (= 0.10.12)
    fastercsv (1.5.5)
    i18n (0.6.4)
    json (1.7.7)
    json_pure (1.7.7)
    mail (2.5.3)
      i18n (>= 0.4.0)
      mime-types (~> 1.16)
      treetop (~> 1.4.8)
    mime-types (1.22)
    multi_json (1.7.2)
    nokogiri (1.5.9)
    polyglot (0.3.3)
    rack (1.5.2)
    stringex (1.5.1)
    treetop (1.4.12)
      polyglot
      polyglot (>= 0.3.1)
    uuidtools (2.1.3)

PLATFORMS
  ruby

DEPENDENCIES
  data_mapper
  dm-core
  dm-sqlite-adapter
  dm-tags
  pakyow!
